GEM
  remote: https://rubygems.org/
  specs:
    rubyzip (2.3.2)

PLATFORMS
  ruby

DEPENDENCIES
  rubyzip

BUNDLED WITH
   2.2.15
