GEM
  remote: https://rubygems.org/
  specs:
    rubyzip (1.2.2)

PLATFORMS
  ruby

DEPENDENCIES
  rubyzip

BUNDLED WITH
   1.16.1
